GEM
  remote: https://rubygems.org/
  specs:
    agent (0.11.0)
    bacon (1.2.0)
    curses (1.0.1)

PLATFORMS
  ruby

DEPENDENCIES
  agent
  bacon
  curses

BUNDLED WITH
   1.10.6
